PATH
  remote: .
  specs:
    first (0.1.0)
      thor

GEM
  remote: https://rubygems.org/
  specs:
    rake (10.5.0)
    thor (1.2.1)

PLATFORMS
  ruby

DEPENDENCIES
  bundler (~> 1.17)
  first!
  rake (~> 10.0)

BUNDLED WITH
   1.17.2
